PATH
  remote: .
  specs:
    churros_git_bot (0.1.0)

GEM
  remote: https://rubygems.org/
  specs:
    csv (3.3.0)
    gitlab (4.20.1)
      httparty (~> 0.20)
      terminal-table (>= 1.5.1)
    httparty (0.22.0)
      csv
      mini_mime (>= 1.0.0)
      multi_xml (>= 0.5.2)
    json (2.7.2)
    mini_mime (1.1.5)
    multi_xml (0.6.0)
    rake (13.2.1)
    terminal-table (3.0.2)
      unicode-display_width (>= 1.1.1, < 3)
    unicode-display_width (2.5.0)
    webrick (1.8.1)

PLATFORMS
  ruby
  x86_64-linux

DEPENDENCIES
  churros_git_bot!
  gitlab (~> 4.20)
  json (~> 2.7)
  rake (~> 13.0)
  webrick (~> 1.8)

BUNDLED WITH
   2.5.11
